{
    "Modality": "MR",
    "MagneticFieldStrength": 3,
    "ImagingFrequency": 127.725,
    "Manufacturer": "GE",
    "ManufacturersModelName": "DISCOVERY_MR750",
    "InstitutionName": "NIH_FMRIF",
    "DeviceSerialNumber": "00000000000o2o2o",
    "StationName": "fmrif3tc",
    "PatientPosition": "HFS",
    "ProcedureStepDescription": "MRI_Procedure_Limited",
    "SoftwareVersions": "23_LX_MR_Software_release:DV22.0_V02_1122.a",
    "MRAcquisitionType": "2D",
    "SeriesDescription": "edti_ssgr_cdif09_G01",
    "ProtocolName": "edti_ssgr_cdif09_G01",
    "ScanningSequence": "EP_RM",
    "SequenceVariant": "NONE",
    "ScanOptions": "SAT_GEMS_EPI_GEMS_ACC_GEMS_PFF_FS",
    "ImageType": [
        "ORIGINAL",
        "PRIMARY",
        "OTHER"
    ],
    "SeriesNumber": 5,
    "AcquisitionNumber": 1,
    "SliceThickness": 2.5,
    "SpacingBetweenSlices": 2.5,
    "SAR": 0.684842,
    "EchoTime": 0.0797,
    "RepetitionTime": 6.79508,
    "FlipAngle": 90,
    "PhaseEncodingPolarityGE": "Flipped",
    "CoilString": "32Ch_Head",
    "PercentPhaseFOV": 100,
    "PercentSampling": 100,
    "AcquisitionMatrixPE": 96,
    "ReconMatrixPE": 128,
    "EffectiveEchoSpacing": 0.000592,
    "TotalReadoutTime": 0.075184,
    "PixelBandwidth": 3906.25,
    "PhaseEncodingDirection": "j",
    "SliceTiming": [
        0,
        3.50714,
        0.109598,
        3.61674,
        0.219196,
        3.72633,
        0.328794,
        3.83593,
        0.438392,
        3.94553,
        0.54799,
        4.05513,
        0.657588,
        4.16473,
        0.767186,
        4.27432,
        0.876785,
        4.38392,
        0.986383,
        4.49352,
        1.09598,
        4.60312,
        1.20558,
        4.71272,
        1.31518,
        4.82231,
        1.42477,
        4.93191,
        1.53437,
        5.04151,
        1.64397,
        5.15111,
        1.75357,
        5.26071,
        1.86317,
        5.37031,
        1.97277,
        5.4799,
        2.08236,
        5.5895,
        2.19196,
        5.6991,
        2.30156,
        5.8087,
        2.41116,
        5.9183,
        2.52076,
        6.02789,
        2.63035,
        6.13749,
        2.73995,
        6.24709,
        2.84955,
        6.35669,
        2.95915,
        6.46629,
        3.06875,
        6.57588,
        3.17834,
        6.68548,
        3.28794,
        6.79508
    ],
    "ImageOrientationPatientDICOM": [
        1,
        0,
        0,
        0,
        1,
        0
    ],
    "InPlanePhaseEncodingDirectionDICOM": "COL",
    "ConversionSoftware": "dcm2niix",
    "ConversionSoftwareVersion": "v1.0.20200331"
}