{
    "Modality": "MR",
    "MagneticFieldStrength": 3,
    "ImagingFrequency": 127.725,
    "Manufacturer": "GE",
    "ManufacturersModelName": "DISCOVERY_MR750",
    "InstitutionName": "NIH_FMRIF",
    "DeviceSerialNumber": "00000000000o2o2o",
    "StationName": "fmrif3tc",
    "PatientPosition": "HFS",
    "ProcedureStepDescription": "MRI_Procedure_Limited",
    "SoftwareVersions": "23_LX_MR_Software_release:DV22.0_V02_1122.a",
    "MRAcquisitionType": "2D",
    "SeriesDescription": "edti_ssgr_cdif09_G01",
    "ProtocolName": "edti_ssgr_cdif09_G01",
    "ScanningSequence": "EP_RM",
    "SequenceVariant": "NONE",
    "ScanOptions": "SAT_GEMS_EPI_GEMS_ACC_GEMS_PFF_FS",
    "ImageType": [
        "ORIGINAL",
        "PRIMARY",
        "OTHER"
    ],
    "SeriesNumber": 4,
    "AcquisitionNumber": 1,
    "SliceThickness": 2.5,
    "SpacingBetweenSlices": 2.5,
    "SAR": 0.61685,
    "EchoTime": 0.0841,
    "RepetitionTime": 7.23106,
    "FlipAngle": 90,
    "PhaseEncodingPolarityGE": "Flipped",
    "CoilString": "32Ch_Head",
    "PercentPhaseFOV": 100,
    "PercentSampling": 100,
    "AcquisitionMatrixPE": 96,
    "ReconMatrixPE": 128,
    "EffectiveEchoSpacing": 0.000688,
    "TotalReadoutTime": 0.087376,
    "PixelBandwidth": 3906.25,
    "PhaseEncodingDirection": "j",
    "SliceTiming": [
        0,
        3.73216,
        0.11663,
        3.84879,
        0.23326,
        3.96542,
        0.34989,
        4.08205,
        0.46652,
        4.19868,
        0.58315,
        4.31531,
        0.69978,
        4.43194,
        0.81641,
        4.54857,
        0.93304,
        4.6652,
        1.04967,
        4.78183,
        1.1663,
        4.89846,
        1.28293,
        5.01509,
        1.39956,
        5.13172,
        1.51619,
        5.24835,
        1.63282,
        5.36498,
        1.74945,
        5.48161,
        1.86608,
        5.59824,
        1.98271,
        5.71487,
        2.09934,
        5.8315,
        2.21597,
        5.94813,
        2.3326,
        6.06476,
        2.44923,
        6.18139,
        2.56586,
        6.29802,
        2.68249,
        6.41465,
        2.79912,
        6.53128,
        2.91575,
        6.64791,
        3.03238,
        6.76454,
        3.14901,
        6.88117,
        3.26564,
        6.9978,
        3.38227,
        7.11443,
        3.4989,
        7.23106
    ],
    "ImageOrientationPatientDICOM": [
        1,
        0,
        0,
        0,
        1,
        0
    ],
    "InPlanePhaseEncodingDirectionDICOM": "COL",
    "ConversionSoftware": "dcm2niix",
    "ConversionSoftwareVersion": "v1.0.20200331"
}