{
    "Modality": "MR",
    "MagneticFieldStrength": 3,
    "ImagingFrequency": 127.719,
    "Manufacturer": "GE",
    "ManufacturersModelName": "DISCOVERY_MR750",
    "InstitutionName": "NIH_FMRIF",
    "DeviceSerialNumber": "00000000000o2o2o",
    "StationName": "fmri3Tc",
    "PatientPosition": "HFS",
    "ProcedureStepDescription": "MRI_Procedure_Limited",
    "SoftwareVersions": "23_LX_MR_Software_release:DV22.0_V01_1040.a",
    "MRAcquisitionType": "2D",
    "SeriesDescription": "edti_ssgr_cdif09_G01",
    "ProtocolName": "edti_ssgr_cdif09_G01",
    "ScanningSequence": "EP_RM",
    "SequenceVariant": "NONE",
    "ScanOptions": "SAT_GEMS_EPI_GEMS_ACC_GEMS_PFF_FS",
    "ImageType": [
        "ORIGINAL",
        "PRIMARY",
        "OTHER"
    ],
    "SeriesNumber": 4,
    "AcquisitionNumber": 1,
    "SliceThickness": 2.5,
    "SpacingBetweenSlices": 2.5,
    "SAR": 0.690215,
    "EchoTime": 0.0796,
    "RepetitionTime": 6.78888,
    "FlipAngle": 90,
    "PhaseEncodingPolarityGE": "Flipped",
    "CoilString": "32Ch_Head",
    "PercentPhaseFOV": 100,
    "PercentSampling": 100,
    "AcquisitionMatrixPE": 96,
    "ReconMatrixPE": 128,
    "EffectiveEchoSpacing": 0.000592,
    "TotalReadoutTime": 0.075184,
    "PixelBandwidth": 3906.25,
    "PhaseEncodingDirection": "j",
    "SliceTiming": [
        0,
        3.50394,
        0.109498,
        3.61344,
        0.218996,
        3.72293,
        0.328494,
        3.83243,
        0.437992,
        3.94193,
        0.54749,
        4.05143,
        0.656988,
        4.16093,
        0.766486,
        4.27042,
        0.875984,
        4.37992,
        0.985483,
        4.48942,
        1.09498,
        4.59892,
        1.20448,
        4.70842,
        1.31398,
        4.81791,
        1.42347,
        4.92741,
        1.53297,
        5.03691,
        1.64247,
        5.14641,
        1.75197,
        5.25591,
        1.86147,
        5.36541,
        1.97097,
        5.4749,
        2.08046,
        5.5844,
        2.18996,
        5.6939,
        2.29946,
        5.8034,
        2.40896,
        5.9129,
        2.51846,
        6.02239,
        2.62795,
        6.13189,
        2.73745,
        6.24139,
        2.84695,
        6.35089,
        2.95645,
        6.46039,
        3.06595,
        6.56988,
        3.17544,
        6.67938,
        3.28494,
        6.78888
    ],
    "ImageOrientationPatientDICOM": [
        1,
        0,
        0,
        0,
        1,
        0
    ],
    "InPlanePhaseEncodingDirectionDICOM": "COL",
    "ConversionSoftware": "dcm2niix",
    "ConversionSoftwareVersion": "v1.0.20200331"
}