{
    "Modality": "MR",
    "MagneticFieldStrength": 3,
    "ImagingFrequency": 127.725,
    "Manufacturer": "GE",
    "ManufacturersModelName": "DISCOVERY_MR750",
    "InstitutionName": "NIH_FMRIF",
    "DeviceSerialNumber": "00000000000o2o2o",
    "StationName": "fmrif3tc",
    "PatientPosition": "HFS",
    "ProcedureStepDescription": "MRI_Procedure_Limited",
    "SoftwareVersions": "23_LX_MR_Software_release:DV22.0_V02_1122.a",
    "MRAcquisitionType": "2D",
    "SeriesDescription": "T2_1.7mm_fat_sat",
    "ProtocolName": "T2_1.7mm_fat_sat",
    "ScanningSequence": "SE",
    "SequenceVariant": "SK",
    "ScanOptions": "FAST_GEMS_SAT_GEMS_FS",
    "ImageType": [
        "ORIGINAL",
        "PRIMARY",
        "OTHER"
    ],
    "SeriesNumber": 8,
    "AcquisitionNumber": 1,
    "SliceThickness": 1.7,
    "SpacingBetweenSlices": 1.7,
    "SAR": 2.7402,
    "EchoTime": 0.10146,
    "RepetitionTime": 7.5,
    "FlipAngle": 90,
    "CoilString": "32Ch_Head",
    "PercentPhaseFOV": 80,
    "PercentSampling": 100,
    "EchoTrainLength": 16,
    "AcquisitionMatrixPE": 192,
    "ReconMatrixPE": 256,
    "PixelBandwidth": 488.281,
    "PhaseEncodingAxis": "i",
    "SliceTiming": [
        0,
        3.79121,
        0.0824176,
        3.87363,
        0.164835,
        3.95604,
        0.247253,
        4.03846,
        0.32967,
        4.12088,
        0.412088,
        4.2033,
        0.494505,
        4.28571,
        0.576923,
        4.36813,
        0.659341,
        4.45055,
        0.741758,
        4.53297,
        0.824176,
        4.61538,
        0.906593,
        4.6978,
        0.989011,
        4.78022,
        1.07143,
        4.86264,
        1.15385,
        4.94505,
        1.23626,
        5.02747,
        1.31868,
        5.10989,
        1.4011,
        5.19231,
        1.48352,
        5.27473,
        1.56593,
        5.35714,
        1.64835,
        5.43956,
        1.73077,
        5.52198,
        1.81319,
        5.6044,
        1.8956,
        5.68681,
        1.97802,
        5.76923,
        2.06044,
        5.85165,
        2.14286,
        5.93407,
        2.22527,
        6.01648,
        2.30769,
        6.0989,
        2.39011,
        6.18132,
        2.47253,
        6.26374,
        2.55495,
        6.34615,
        2.63736,
        6.42857,
        2.71978,
        6.51099,
        2.8022,
        6.59341,
        2.88462,
        6.67582,
        2.96703,
        6.75824,
        3.04945,
        6.84066,
        3.13187,
        6.92308,
        3.21429,
        7.00549,
        3.2967,
        7.08791,
        3.37912,
        7.17033,
        3.46154,
        7.25275,
        3.54396,
        7.33516,
        3.62637,
        7.41758,
        3.70879
    ],
    "ImageOrientationPatientDICOM": [
        1,
        0,
        0,
        0,
        1,
        0
    ],
    "InPlanePhaseEncodingDirectionDICOM": "ROW",
    "ConversionSoftware": "dcm2niix",
    "ConversionSoftwareVersion": "v1.0.20200331"
}