{
    "Modality": "MR",
    "MagneticFieldStrength": 3,
    "ImagingFrequency": 127.725,
    "Manufacturer": "GE",
    "ManufacturersModelName": "DISCOVERY_MR750",
    "InstitutionName": "NIH_FMRIF",
    "DeviceSerialNumber": "00000000000o2o2o",
    "StationName": "fmrif3tc",
    "PatientPosition": "HFS",
    "ProcedureStepDescription": "MRI_Brain",
    "SoftwareVersions": "23_LX_MR_Software_release:DV22.0_V02_1122.a",
    "MRAcquisitionType": "2D",
    "SeriesDescription": "edti_ssgr_cdif09_G01",
    "ProtocolName": "edti_ssgr_cdif09_G01",
    "ScanningSequence": "EP_RM",
    "SequenceVariant": "NONE",
    "ScanOptions": "SAT_GEMS_EPI_GEMS_ACC_GEMS_PFF_FS",
    "ImageType": [
        "ORIGINAL",
        "PRIMARY",
        "OTHER"
    ],
    "SeriesNumber": 8,
    "AcquisitionNumber": 1,
    "SliceThickness": 2.5,
    "SpacingBetweenSlices": 2.5,
    "SAR": 0.701574,
    "EchoTime": 0.079,
    "RepetitionTime": 6.75168,
    "FlipAngle": 90,
    "PhaseEncodingPolarityGE": "Flipped",
    "CoilString": "32Ch_Head",
    "PercentPhaseFOV": 100,
    "PercentSampling": 100,
    "AcquisitionMatrixPE": 96,
    "ReconMatrixPE": 128,
    "EffectiveEchoSpacing": 0.000592,
    "TotalReadoutTime": 0.075184,
    "PixelBandwidth": 3906.25,
    "PhaseEncodingDirection": "j",
    "SliceTiming": [
        0,
        3.48474,
        0.108898,
        3.59364,
        0.217796,
        3.70253,
        0.326694,
        3.81143,
        0.435592,
        3.92033,
        0.54449,
        4.02923,
        0.653388,
        4.13813,
        0.762286,
        4.24702,
        0.871185,
        4.35592,
        0.980083,
        4.46482,
        1.08898,
        4.57372,
        1.19788,
        4.68262,
        1.30678,
        4.79151,
        1.41567,
        4.90041,
        1.52457,
        5.00931,
        1.63347,
        5.11821,
        1.74237,
        5.22711,
        1.85127,
        5.336,
        1.96017,
        5.4449,
        2.06906,
        5.5538,
        2.17796,
        5.6627,
        2.28686,
        5.7716,
        2.39576,
        5.8805,
        2.50466,
        5.98939,
        2.61355,
        6.09829,
        2.72245,
        6.20719,
        2.83135,
        6.31609,
        2.94025,
        6.42499,
        3.04915,
        6.53388,
        3.15804,
        6.64278,
        3.26694,
        6.75168
    ],
    "ImageOrientationPatientDICOM": [
        1,
        0,
        0,
        0,
        1,
        0
    ],
    "InPlanePhaseEncodingDirectionDICOM": "COL",
    "ConversionSoftware": "dcm2niix",
    "ConversionSoftwareVersion": "v1.0.20200331"
}