{
    "Modality": "MR",
    "MagneticFieldStrength": 3,
    "ImagingFrequency": 127.726,
    "Manufacturer": "GE",
    "ManufacturersModelName": "DISCOVERY_MR750",
    "InstitutionName": "NIH_FMRIF",
    "DeviceSerialNumber": "00000000000o2o2o",
    "StationName": "fmrif3tc",
    "PatientPosition": "HFS",
    "ProcedureStepDescription": "MRI_Procedure_Limited",
    "SoftwareVersions": "23_LX_MR_Software_release:DV22.0_V02_1122.a",
    "MRAcquisitionType": "2D",
    "SeriesDescription": "edti_ssgr_cdif09_G01",
    "ProtocolName": "edti_ssgr_cdif09_G01",
    "ScanningSequence": "EP_RM",
    "SequenceVariant": "NONE",
    "ScanOptions": "SAT_GEMS_EPI_GEMS_ACC_GEMS_PFF_FS",
    "ImageType": [
        "ORIGINAL",
        "PRIMARY",
        "OTHER"
    ],
    "SeriesNumber": 4,
    "AcquisitionNumber": 1,
    "SliceThickness": 2.5,
    "SpacingBetweenSlices": 2.5,
    "SAR": 0.519579,
    "EchoTime": 0.0828,
    "RepetitionTime": 6.98728,
    "FlipAngle": 90,
    "PhaseEncodingPolarityGE": "Flipped",
    "CoilString": "32Ch_Head",
    "PercentPhaseFOV": 100,
    "PercentSampling": 100,
    "AcquisitionMatrixPE": 96,
    "ReconMatrixPE": 128,
    "EffectiveEchoSpacing": 0.000592,
    "TotalReadoutTime": 0.075184,
    "PixelBandwidth": 3906.25,
    "PhaseEncodingDirection": "j",
    "SliceTiming": [
        0,
        3.60634,
        0.112698,
        3.71904,
        0.225396,
        3.83173,
        0.338094,
        3.94443,
        0.450792,
        4.05713,
        0.56349,
        4.16983,
        0.676188,
        4.28253,
        0.788886,
        4.39522,
        0.901584,
        4.50792,
        1.01428,
        4.62062,
        1.12698,
        4.73332,
        1.23968,
        4.84602,
        1.35238,
        4.95871,
        1.46507,
        5.07141,
        1.57777,
        5.18411,
        1.69047,
        5.29681,
        1.80317,
        5.40951,
        1.91587,
        5.52221,
        2.02857,
        5.6349,
        2.14126,
        5.7476,
        2.25396,
        5.8603,
        2.36666,
        5.973,
        2.47936,
        6.0857,
        2.59206,
        6.19839,
        2.70475,
        6.31109,
        2.81745,
        6.42379,
        2.93015,
        6.53649,
        3.04285,
        6.64919,
        3.15555,
        6.76188,
        3.26824,
        6.87458,
        3.38094,
        6.98728
    ],
    "ImageOrientationPatientDICOM": [
        1,
        0,
        0,
        0,
        1,
        0
    ],
    "InPlanePhaseEncodingDirectionDICOM": "COL",
    "ConversionSoftware": "dcm2niix",
    "ConversionSoftwareVersion": "v1.0.20200331"
}