{
    "Modality": "MR",
    "MagneticFieldStrength": 3,
    "ImagingFrequency": 127.725,
    "Manufacturer": "GE",
    "ManufacturersModelName": "DISCOVERY_MR750",
    "InstitutionName": "NIH_FMRIF",
    "DeviceSerialNumber": "00000000000o2o2o",
    "StationName": "fmrif3tc",
    "PatientPosition": "HFS",
    "ProcedureStepDescription": "MRI_Brain",
    "SoftwareVersions": "23_LX_MR_Software_release:DV22.0_V02_1122.a",
    "MRAcquisitionType": "2D",
    "SeriesDescription": "T2_1.7mm_fat_sat",
    "ProtocolName": "T2_1.7mm_fat_sat",
    "ScanningSequence": "SE",
    "SequenceVariant": "SK",
    "ScanOptions": "FAST_GEMS_SAT_GEMS_FS",
    "ImageType": [
        "ORIGINAL",
        "PRIMARY",
        "OTHER"
    ],
    "SeriesNumber": 23,
    "AcquisitionNumber": 1,
    "SliceThickness": 3,
    "SpacingBetweenSlices": 3,
    "SAR": 2.5107,
    "EchoTime": 0.10026,
    "RepetitionTime": 7.5,
    "FlipAngle": 90,
    "CoilString": "32Ch_Head",
    "PercentPhaseFOV": 80,
    "PercentSampling": 100,
    "EchoTrainLength": 16,
    "AcquisitionMatrixPE": 192,
    "ReconMatrixPE": 256,
    "PixelBandwidth": 488.281,
    "PhaseEncodingAxis": "i",
    "SliceTiming": [
        0,
        3.92045,
        0.170455,
        4.09091,
        0.340909,
        4.26136,
        0.511364,
        4.43182,
        0.681818,
        4.60227,
        0.852273,
        4.77273,
        1.02273,
        4.94318,
        1.19318,
        5.11364,
        1.36364,
        5.28409,
        1.53409,
        5.45455,
        1.70455,
        5.625,
        1.875,
        5.79545,
        2.04545,
        5.96591,
        2.21591,
        6.13636,
        2.38636,
        6.30682,
        2.55682,
        6.47727,
        2.72727,
        6.64773,
        2.89773,
        6.81818,
        3.06818,
        6.98864,
        3.23864,
        7.15909,
        3.40909,
        7.32955,
        3.57955,
        7.5
    ],
    "ImageOrientationPatientDICOM": [
        1,
        0,
        0,
        0,
        1,
        0
    ],
    "InPlanePhaseEncodingDirectionDICOM": "ROW",
    "ConversionSoftware": "dcm2niix",
    "ConversionSoftwareVersion": "v1.0.20200331"
}