{
    "Modality": "MR",
    "MagneticFieldStrength": 3,
    "ImagingFrequency": 127.725,
    "Manufacturer": "GE",
    "ManufacturersModelName": "DISCOVERY_MR750",
    "InstitutionName": "NIH_FMRIF",
    "DeviceSerialNumber": "00000000000o2o2o",
    "StationName": "fmrif3tc",
    "PatientPosition": "HFS",
    "ProcedureStepDescription": "MRI_Procedure_Limited",
    "SoftwareVersions": "23_LX_MR_Software_release:DV22.0_V02_1122.a",
    "MRAcquisitionType": "2D",
    "SeriesDescription": "edti_ssgr_cdif09_G01",
    "ProtocolName": "edti_ssgr_cdif09_G01",
    "ScanningSequence": "EP_RM",
    "SequenceVariant": "NONE",
    "ScanOptions": "SAT_GEMS_EPI_GEMS_ACC_GEMS_PFF_FS",
    "ImageType": [
        "ORIGINAL",
        "PRIMARY",
        "OTHER"
    ],
    "SeriesNumber": 5,
    "AcquisitionNumber": 1,
    "SliceThickness": 2.5,
    "SpacingBetweenSlices": 2.5,
    "SAR": 0.615614,
    "EchoTime": 0.0808,
    "RepetitionTime": 6.86328,
    "FlipAngle": 90,
    "PhaseEncodingPolarityGE": "Flipped",
    "CoilString": "32Ch_Head",
    "PercentPhaseFOV": 100,
    "PercentSampling": 100,
    "AcquisitionMatrixPE": 96,
    "ReconMatrixPE": 128,
    "EffectiveEchoSpacing": 0.000592,
    "TotalReadoutTime": 0.075184,
    "PixelBandwidth": 3906.25,
    "PhaseEncodingDirection": "j",
    "SliceTiming": [
        0,
        3.54234,
        0.110698,
        3.65304,
        0.221396,
        3.76373,
        0.332094,
        3.87443,
        0.442792,
        3.98513,
        0.55349,
        4.09583,
        0.664188,
        4.20653,
        0.774886,
        4.31722,
        0.885584,
        4.42792,
        0.996283,
        4.53862,
        1.10698,
        4.64932,
        1.21768,
        4.76002,
        1.32838,
        4.87071,
        1.43907,
        4.98141,
        1.54977,
        5.09211,
        1.66047,
        5.20281,
        1.77117,
        5.31351,
        1.88187,
        5.42421,
        1.99257,
        5.5349,
        2.10326,
        5.6456,
        2.21396,
        5.7563,
        2.32466,
        5.867,
        2.43536,
        5.9777,
        2.54606,
        6.08839,
        2.65675,
        6.19909,
        2.76745,
        6.30979,
        2.87815,
        6.42049,
        2.98885,
        6.53119,
        3.09955,
        6.64188,
        3.21024,
        6.75258,
        3.32094,
        6.86328
    ],
    "ImageOrientationPatientDICOM": [
        1,
        0,
        0,
        0,
        1,
        0
    ],
    "InPlanePhaseEncodingDirectionDICOM": "COL",
    "ConversionSoftware": "dcm2niix",
    "ConversionSoftwareVersion": "v1.0.20200331"
}