{
    "Modality": "MR",
    "MagneticFieldStrength": 3,
    "ImagingFrequency": 127.725,
    "Manufacturer": "GE",
    "ManufacturersModelName": "DISCOVERY_MR750",
    "InstitutionName": "NIH_FMRIF",
    "DeviceSerialNumber": "00000000000o2o2o",
    "StationName": "fmrif3tc",
    "PatientPosition": "HFS",
    "ProcedureStepDescription": "MRI_Procedure_Limited",
    "SoftwareVersions": "23_LX_MR_Software_release:DV22.0_V02_1122.a",
    "MRAcquisitionType": "2D",
    "SeriesDescription": "edti_ssgr_cdif09_G01",
    "ProtocolName": "edti_ssgr_cdif09_G01",
    "ScanningSequence": "EP_RM",
    "SequenceVariant": "NONE",
    "ScanOptions": "SAT_GEMS_EPI_GEMS_ACC_GEMS_PFF_FS",
    "ImageType": [
        "ORIGINAL",
        "PRIMARY",
        "OTHER"
    ],
    "SeriesNumber": 4,
    "AcquisitionNumber": 1,
    "SliceThickness": 2.5,
    "SpacingBetweenSlices": 2.5,
    "SAR": 0.629147,
    "EchoTime": 0.0805,
    "RepetitionTime": 6.84468,
    "FlipAngle": 90,
    "PhaseEncodingPolarityGE": "Flipped",
    "CoilString": "32Ch_Head",
    "PercentPhaseFOV": 100,
    "PercentSampling": 100,
    "AcquisitionMatrixPE": 96,
    "ReconMatrixPE": 128,
    "EffectiveEchoSpacing": 0.000592,
    "TotalReadoutTime": 0.075184,
    "PixelBandwidth": 3906.25,
    "PhaseEncodingDirection": "j",
    "SliceTiming": [
        0,
        3.53274,
        0.110398,
        3.64314,
        0.220796,
        3.75353,
        0.331194,
        3.86393,
        0.441592,
        3.97433,
        0.55199,
        4.08473,
        0.662388,
        4.19513,
        0.772786,
        4.30552,
        0.883185,
        4.41592,
        0.993583,
        4.52632,
        1.10398,
        4.63672,
        1.21438,
        4.74712,
        1.32478,
        4.85751,
        1.43517,
        4.96791,
        1.54557,
        5.07831,
        1.65597,
        5.18871,
        1.76637,
        5.29911,
        1.87677,
        5.4095,
        1.98717,
        5.5199,
        2.09756,
        5.6303,
        2.20796,
        5.7407,
        2.31836,
        5.8511,
        2.42876,
        5.9615,
        2.53916,
        6.07189,
        2.64955,
        6.18229,
        2.75995,
        6.29269,
        2.87035,
        6.40309,
        2.98075,
        6.51349,
        3.09115,
        6.62388,
        3.20154,
        6.73428,
        3.31194,
        6.84468
    ],
    "ImageOrientationPatientDICOM": [
        1,
        0,
        0,
        0,
        1,
        0
    ],
    "InPlanePhaseEncodingDirectionDICOM": "COL",
    "ConversionSoftware": "dcm2niix",
    "ConversionSoftwareVersion": "v1.0.20200331"
}