{
    "Modality": "MR",
    "MagneticFieldStrength": 3,
    "ImagingFrequency": 127.725,
    "Manufacturer": "GE",
    "ManufacturersModelName": "DISCOVERY_MR750",
    "InstitutionName": "NIH_FMRIF",
    "DeviceSerialNumber": "00000000000o2o2o",
    "StationName": "fmrif3tc",
    "PatientPosition": "HFS",
    "ProcedureStepDescription": "MRI_Procedure_Limited",
    "SoftwareVersions": "23_LX_MR_Software_release:DV22.0_V02_1122.a",
    "MRAcquisitionType": "2D",
    "SeriesDescription": "edti_ssgr_cdif09_G01",
    "ProtocolName": "edti_ssgr_cdif09_G01",
    "ScanningSequence": "EP_RM",
    "SequenceVariant": "NONE",
    "ScanOptions": "SAT_GEMS_EPI_GEMS_ACC_GEMS_PFF_FS",
    "ImageType": [
        "ORIGINAL",
        "PRIMARY",
        "OTHER"
    ],
    "SeriesNumber": 9,
    "AcquisitionNumber": 1,
    "SliceThickness": 2.5,
    "SpacingBetweenSlices": 2.5,
    "SAR": 0.70717,
    "EchoTime": 0.0794,
    "RepetitionTime": 6.77648,
    "FlipAngle": 90,
    "PhaseEncodingPolarityGE": "Flipped",
    "CoilString": "32Ch_Head",
    "PercentPhaseFOV": 100,
    "PercentSampling": 100,
    "AcquisitionMatrixPE": 96,
    "ReconMatrixPE": 128,
    "EffectiveEchoSpacing": 0.000592,
    "TotalReadoutTime": 0.075184,
    "PixelBandwidth": 3906.25,
    "PhaseEncodingDirection": "j",
    "SliceTiming": [
        0,
        3.49754,
        0.109298,
        3.60684,
        0.218596,
        3.71613,
        0.327894,
        3.82543,
        0.437192,
        3.93473,
        0.54649,
        4.04403,
        0.655788,
        4.15333,
        0.765086,
        4.26262,
        0.874385,
        4.37192,
        0.983683,
        4.48122,
        1.09298,
        4.59052,
        1.20228,
        4.69982,
        1.31158,
        4.80911,
        1.42087,
        4.91841,
        1.53017,
        5.02771,
        1.63947,
        5.13701,
        1.74877,
        5.24631,
        1.85807,
        5.3556,
        1.96737,
        5.4649,
        2.07666,
        5.5742,
        2.18596,
        5.6835,
        2.29526,
        5.7928,
        2.40456,
        5.9021,
        2.51386,
        6.01139,
        2.62315,
        6.12069,
        2.73245,
        6.22999,
        2.84175,
        6.33929,
        2.95105,
        6.44859,
        3.06035,
        6.55788,
        3.16964,
        6.66718,
        3.27894,
        6.77648
    ],
    "ImageOrientationPatientDICOM": [
        1,
        0,
        0,
        0,
        1,
        0
    ],
    "InPlanePhaseEncodingDirectionDICOM": "COL",
    "ConversionSoftware": "dcm2niix",
    "ConversionSoftwareVersion": "v1.0.20200331"
}