{
    "Modality": "MR",
    "MagneticFieldStrength": 3,
    "ImagingFrequency": 127.725,
    "Manufacturer": "GE",
    "ManufacturersModelName": "DISCOVERY_MR750",
    "InstitutionName": "NIH_FMRIF",
    "DeviceSerialNumber": "00000000000o2o2o",
    "StationName": "fmri3Tc",
    "PatientPosition": "HFS",
    "ProcedureStepDescription": "MRI_Procedure_Limited",
    "SoftwareVersions": "23_LX_MR_Software_release:DV22.0_V01_1040.a",
    "MRAcquisitionType": "2D",
    "SeriesDescription": "edti_ssgr_cdif09_G01",
    "ProtocolName": "edti_ssgr_cdif09_G01",
    "ScanningSequence": "EP_RM",
    "SequenceVariant": "NONE",
    "ScanOptions": "SAT_GEMS_EPI_GEMS_ACC_GEMS_PFF_FS",
    "ImageType": [
        "ORIGINAL",
        "PRIMARY",
        "OTHER"
    ],
    "SeriesNumber": 5,
    "AcquisitionNumber": 1,
    "SliceThickness": 2.5,
    "SpacingBetweenSlices": 2.5,
    "SAR": 0.49441,
    "EchoTime": 0.0835,
    "RepetitionTime": 7.03068,
    "FlipAngle": 90,
    "PhaseEncodingPolarityGE": "Flipped",
    "CoilString": "32Ch_Head",
    "PercentPhaseFOV": 100,
    "PercentSampling": 100,
    "AcquisitionMatrixPE": 96,
    "ReconMatrixPE": 128,
    "EffectiveEchoSpacing": 0.000592,
    "TotalReadoutTime": 0.075184,
    "PixelBandwidth": 3906.25,
    "PhaseEncodingDirection": "j",
    "SliceTiming": [
        0,
        3.62874,
        0.113398,
        3.74214,
        0.226796,
        3.85553,
        0.340194,
        3.96893,
        0.453592,
        4.08233,
        0.56699,
        4.19573,
        0.680388,
        4.30913,
        0.793786,
        4.42252,
        0.907185,
        4.53592,
        1.02058,
        4.64932,
        1.13398,
        4.76272,
        1.24738,
        4.87612,
        1.36078,
        4.98951,
        1.47417,
        5.10291,
        1.58757,
        5.21631,
        1.70097,
        5.32971,
        1.81437,
        5.44311,
        1.92777,
        5.5565,
        2.04117,
        5.6699,
        2.15456,
        5.7833,
        2.26796,
        5.8967,
        2.38136,
        6.0101,
        2.49476,
        6.1235,
        2.60816,
        6.23689,
        2.72155,
        6.35029,
        2.83495,
        6.46369,
        2.94835,
        6.57709,
        3.06175,
        6.69049,
        3.17515,
        6.80388,
        3.28854,
        6.91728,
        3.40194,
        7.03068
    ],
    "ImageOrientationPatientDICOM": [
        1,
        0,
        0,
        0,
        1,
        0
    ],
    "InPlanePhaseEncodingDirectionDICOM": "COL",
    "ConversionSoftware": "dcm2niix",
    "ConversionSoftwareVersion": "v1.0.20200331"
}