{
    "Modality": "MR",
    "MagneticFieldStrength": 3,
    "ImagingFrequency": 127.726,
    "Manufacturer": "GE",
    "ManufacturersModelName": "DISCOVERY_MR750",
    "InstitutionName": "NIH_FMRIF",
    "DeviceSerialNumber": "00000000000o2o2o",
    "StationName": "fmrif3tc",
    "PatientPosition": "HFS",
    "ProcedureStepDescription": "MRI_Procedure_Limited",
    "SoftwareVersions": "23_LX_MR_Software_release:DV22.0_V02_1122.a",
    "MRAcquisitionType": "2D",
    "SeriesDescription": "T2_1.7mm_fat_sat",
    "ProtocolName": "T2_1.7mm_fat_sat",
    "ScanningSequence": "SE",
    "SequenceVariant": "SK",
    "ScanOptions": "FAST_GEMS_SAT_GEMS_FILTERED_GEMS_FS",
    "ImageType": [
        "ORIGINAL",
        "PRIMARY",
        "OTHER"
    ],
    "SeriesNumber": 8,
    "AcquisitionNumber": 1,
    "SliceThickness": 1.7,
    "SpacingBetweenSlices": 1.7,
    "SAR": 2.098,
    "EchoTime": 0.098336,
    "RepetitionTime": 7.5,
    "FlipAngle": 90,
    "CoilString": "32Ch_Head",
    "PercentPhaseFOV": 80,
    "PercentSampling": 100,
    "EchoTrainLength": 16,
    "AcquisitionMatrixPE": 192,
    "ReconMatrixPE": 256,
    "PixelBandwidth": 488.281,
    "PhaseEncodingAxis": "i",
    "SliceTiming": [
        0,
        3.82212,
        0.0721154,
        3.89423,
        0.144231,
        3.96635,
        0.216346,
        4.03846,
        0.288462,
        4.11058,
        0.360577,
        4.18269,
        0.432692,
        4.25481,
        0.504808,
        4.32692,
        0.576923,
        4.39904,
        0.649038,
        4.47115,
        0.721154,
        4.54327,
        0.793269,
        4.61538,
        0.865385,
        4.6875,
        0.9375,
        4.75962,
        1.00962,
        4.83173,
        1.08173,
        4.90385,
        1.15385,
        4.97596,
        1.22596,
        5.04808,
        1.29808,
        5.12019,
        1.37019,
        5.19231,
        1.44231,
        5.26442,
        1.51442,
        5.33654,
        1.58654,
        5.40865,
        1.65865,
        5.48077,
        1.73077,
        5.55288,
        1.80288,
        5.625,
        1.875,
        5.69712,
        1.94712,
        5.76923,
        2.01923,
        5.84135,
        2.09135,
        5.91346,
        2.16346,
        5.98558,
        2.23558,
        6.05769,
        2.30769,
        6.12981,
        2.37981,
        6.20192,
        2.45192,
        6.27404,
        2.52404,
        6.34615,
        2.59615,
        6.41827,
        2.66827,
        6.49038,
        2.74038,
        6.5625,
        2.8125,
        6.63462,
        2.88462,
        6.70673,
        2.95673,
        6.77885,
        3.02885,
        6.85096,
        3.10096,
        6.92308,
        3.17308,
        6.99519,
        3.24519,
        7.06731,
        3.31731,
        7.13942,
        3.38942,
        7.21154,
        3.46154,
        7.28365,
        3.53365,
        7.35577,
        3.60577,
        7.42788,
        3.67788,
        7.5
    ],
    "ImageOrientationPatientDICOM": [
        1,
        0,
        0,
        0,
        1,
        0
    ],
    "InPlanePhaseEncodingDirectionDICOM": "ROW",
    "ConversionSoftware": "dcm2niix",
    "ConversionSoftwareVersion": "v1.0.20200331"
}