{
    "Modality": "MR",
    "MagneticFieldStrength": 3,
    "ImagingFrequency": 127.725,
    "Manufacturer": "GE",
    "ManufacturersModelName": "DISCOVERY_MR750",
    "InstitutionName": "NIH_FMRIF",
    "DeviceSerialNumber": "00000000000o2o2o",
    "StationName": "fmrif3tc",
    "PatientPosition": "HFS",
    "ProcedureStepDescription": "MRI_Procedure_Limited",
    "SoftwareVersions": "23_LX_MR_Software_release:DV22.0_V02_1122.a",
    "MRAcquisitionType": "2D",
    "SeriesDescription": "T2_1.7mm_fat_sat",
    "ProtocolName": "T2_1.7mm_fat_sat",
    "ScanningSequence": "SE",
    "SequenceVariant": "SK",
    "ScanOptions": "FAST_GEMS_SAT_GEMS_FS",
    "ImageType": [
        "ORIGINAL",
        "PRIMARY",
        "OTHER"
    ],
    "SeriesNumber": 11,
    "AcquisitionNumber": 1,
    "SliceThickness": 1.7,
    "SpacingBetweenSlices": 1.7,
    "SAR": 2.5571,
    "EchoTime": 0.10146,
    "RepetitionTime": 7.5,
    "FlipAngle": 90,
    "CoilString": "32Ch_Head",
    "PercentPhaseFOV": 80,
    "PercentSampling": 100,
    "EchoTrainLength": 16,
    "AcquisitionMatrixPE": 192,
    "ReconMatrixPE": 256,
    "PixelBandwidth": 488.281,
    "PhaseEncodingAxis": "i",
    "SliceTiming": [
        0,
        3.78947,
        0.0789474,
        3.86842,
        0.157895,
        3.94737,
        0.236842,
        4.02632,
        0.315789,
        4.10526,
        0.394737,
        4.18421,
        0.473684,
        4.26316,
        0.552632,
        4.3421,
        0.631579,
        4.42105,
        0.710526,
        4.5,
        0.789474,
        4.57895,
        0.868421,
        4.65789,
        0.947368,
        4.73684,
        1.02632,
        4.81579,
        1.10526,
        4.89474,
        1.18421,
        4.97368,
        1.26316,
        5.05263,
        1.34211,
        5.13158,
        1.42105,
        5.21053,
        1.5,
        5.28947,
        1.57895,
        5.36842,
        1.65789,
        5.44737,
        1.73684,
        5.52632,
        1.81579,
        5.60526,
        1.89474,
        5.68421,
        1.97368,
        5.76316,
        2.05263,
        5.8421,
        2.13158,
        5.92105,
        2.21053,
        6,
        2.28947,
        6.07895,
        2.36842,
        6.15789,
        2.44737,
        6.23684,
        2.52632,
        6.31579,
        2.60526,
        6.39474,
        2.68421,
        6.47368,
        2.76316,
        6.55263,
        2.84211,
        6.63158,
        2.92105,
        6.71053,
        3,
        6.78947,
        3.07895,
        6.86842,
        3.15789,
        6.94737,
        3.23684,
        7.02632,
        3.31579,
        7.10526,
        3.39474,
        7.18421,
        3.47368,
        7.26316,
        3.55263,
        7.3421,
        3.63158,
        7.42105,
        3.71053
    ],
    "ImageOrientationPatientDICOM": [
        1,
        0,
        0,
        0,
        1,
        0
    ],
    "InPlanePhaseEncodingDirectionDICOM": "ROW",
    "ConversionSoftware": "dcm2niix",
    "ConversionSoftwareVersion": "v1.0.20200331"
}