{
    "Modality": "MR",
    "MagneticFieldStrength": 3,
    "ImagingFrequency": 127.725,
    "Manufacturer": "GE",
    "ManufacturersModelName": "DISCOVERY_MR750",
    "InstitutionName": "NIH_FMRIF",
    "DeviceSerialNumber": "00000000000o2o2o",
    "StationName": "fmrif3tc",
    "PatientPosition": "HFS",
    "ProcedureStepDescription": "MRI_Procedure_Limited",
    "SoftwareVersions": "23_LX_MR_Software_release:DV22.0_V02_1122.a",
    "MRAcquisitionType": "2D",
    "SeriesDescription": "edti_ssgr_cdif09_G01",
    "ProtocolName": "edti_ssgr_cdif09_G01",
    "ScanningSequence": "EP_RM",
    "SequenceVariant": "NONE",
    "ScanOptions": "SAT_GEMS_EPI_GEMS_ACC_GEMS_PFF_FS",
    "ImageType": [
        "ORIGINAL",
        "PRIMARY",
        "OTHER"
    ],
    "SeriesNumber": 4,
    "AcquisitionNumber": 1,
    "SliceThickness": 2.5,
    "SpacingBetweenSlices": 2.5,
    "SAR": 0.732515,
    "EchoTime": 0.0791,
    "RepetitionTime": 6.75788,
    "FlipAngle": 90,
    "PhaseEncodingPolarityGE": "Flipped",
    "CoilString": "32Ch_Head",
    "PercentPhaseFOV": 100,
    "PercentSampling": 100,
    "AcquisitionMatrixPE": 96,
    "ReconMatrixPE": 128,
    "EffectiveEchoSpacing": 0.000592,
    "TotalReadoutTime": 0.075184,
    "PixelBandwidth": 3906.25,
    "PhaseEncodingDirection": "j",
    "SliceTiming": [
        0,
        3.48794,
        0.108998,
        3.59694,
        0.217996,
        3.70593,
        0.326994,
        3.81493,
        0.435992,
        3.92393,
        0.54499,
        4.03293,
        0.653988,
        4.14193,
        0.762986,
        4.25092,
        0.871984,
        4.35992,
        0.980983,
        4.46892,
        1.08998,
        4.57792,
        1.19898,
        4.68692,
        1.30798,
        4.79591,
        1.41697,
        4.90491,
        1.52597,
        5.01391,
        1.63497,
        5.12291,
        1.74397,
        5.23191,
        1.85297,
        5.34091,
        1.96197,
        5.4499,
        2.07096,
        5.5589,
        2.17996,
        5.6679,
        2.28896,
        5.7769,
        2.39796,
        5.8859,
        2.50696,
        5.99489,
        2.61595,
        6.10389,
        2.72495,
        6.21289,
        2.83395,
        6.32189,
        2.94295,
        6.43089,
        3.05195,
        6.53988,
        3.16094,
        6.64888,
        3.26994,
        6.75788
    ],
    "ImageOrientationPatientDICOM": [
        1,
        0,
        0,
        0,
        1,
        0
    ],
    "InPlanePhaseEncodingDirectionDICOM": "COL",
    "ConversionSoftware": "dcm2niix",
    "ConversionSoftwareVersion": "v1.0.20200331"
}