{
    "Modality": "MR",
    "MagneticFieldStrength": 3,
    "ImagingFrequency": 127.725,
    "Manufacturer": "GE",
    "ManufacturersModelName": "DISCOVERY_MR750",
    "InstitutionName": "NIH_FMRIF",
    "DeviceSerialNumber": "00000000000o2o2o",
    "StationName": "fmrif3tc",
    "PatientPosition": "HFS",
    "ProcedureStepDescription": "MRI_Brain",
    "SoftwareVersions": "23_LX_MR_Software_release:DV22.0_V02_1122.a",
    "MRAcquisitionType": "2D",
    "SeriesDescription": "T2_1.7mm_fat_sat",
    "ProtocolName": "T2_1.7mm_fat_sat",
    "ScanningSequence": "SE",
    "SequenceVariant": "SK",
    "ScanOptions": "FAST_GEMS_SAT_GEMS_FS",
    "ImageType": [
        "ORIGINAL",
        "PRIMARY",
        "OTHER"
    ],
    "SeriesNumber": 11,
    "AcquisitionNumber": 1,
    "SliceThickness": 2.5,
    "SpacingBetweenSlices": 2.5,
    "SAR": 1.8221,
    "EchoTime": 0.10074,
    "RepetitionTime": 7.5,
    "FlipAngle": 90,
    "CoilString": "32Ch_Head",
    "PercentPhaseFOV": 80,
    "PercentSampling": 100,
    "EchoTrainLength": 16,
    "AcquisitionMatrixPE": 192,
    "ReconMatrixPE": 256,
    "PixelBandwidth": 488.281,
    "PhaseEncodingAxis": "i",
    "SliceTiming": [
        0,
        3.87097,
        0.120968,
        3.99194,
        0.241935,
        4.1129,
        0.362903,
        4.23387,
        0.483871,
        4.35484,
        0.604839,
        4.47581,
        0.725806,
        4.59677,
        0.846774,
        4.71774,
        0.967742,
        4.83871,
        1.08871,
        4.95968,
        1.20968,
        5.08065,
        1.33065,
        5.20161,
        1.45161,
        5.32258,
        1.57258,
        5.44355,
        1.69355,
        5.56452,
        1.81452,
        5.68548,
        1.93548,
        5.80645,
        2.05645,
        5.92742,
        2.17742,
        6.04839,
        2.29839,
        6.16935,
        2.41935,
        6.29032,
        2.54032,
        6.41129,
        2.66129,
        6.53226,
        2.78226,
        6.65323,
        2.90323,
        6.77419,
        3.02419,
        6.89516,
        3.14516,
        7.01613,
        3.26613,
        7.1371,
        3.3871,
        7.25806,
        3.50806,
        7.37903,
        3.62903,
        7.5
    ],
    "ImageOrientationPatientDICOM": [
        1,
        0,
        0,
        0,
        1,
        0
    ],
    "InPlanePhaseEncodingDirectionDICOM": "ROW",
    "ConversionSoftware": "dcm2niix",
    "ConversionSoftwareVersion": "v1.0.20200331"
}