{
    "Modality": "MR",
    "MagneticFieldStrength": 3,
    "ImagingFrequency": 127.725,
    "Manufacturer": "GE",
    "ManufacturersModelName": "DISCOVERY_MR750",
    "InstitutionName": "NIH_FMRIF",
    "DeviceSerialNumber": "00000000000o2o2o",
    "StationName": "fmrif3tc",
    "PatientPosition": "HFS",
    "ProcedureStepDescription": "MRI_Brain",
    "SoftwareVersions": "23_LX_MR_Software_release:DV22.0_V02_1122.a",
    "MRAcquisitionType": "2D",
    "SeriesDescription": "edti_ssgr_cdif09_G01",
    "ProtocolName": "edti_ssgr_cdif09_G01",
    "ScanningSequence": "EP_RM",
    "SequenceVariant": "NONE",
    "ScanOptions": "SAT_GEMS_EPI_GEMS_ACC_GEMS_PFF_FS",
    "ImageType": [
        "ORIGINAL",
        "PRIMARY",
        "OTHER"
    ],
    "SeriesNumber": 4,
    "AcquisitionNumber": 1,
    "SliceThickness": 2.5,
    "SpacingBetweenSlices": 2.5,
    "SAR": 0.538516,
    "EchoTime": 0.0823,
    "RepetitionTime": 6.95628,
    "FlipAngle": 90,
    "PhaseEncodingPolarityGE": "Flipped",
    "CoilString": "32Ch_Head",
    "PercentPhaseFOV": 100,
    "PercentSampling": 100,
    "AcquisitionMatrixPE": 96,
    "ReconMatrixPE": 128,
    "EffectiveEchoSpacing": 0.000592,
    "TotalReadoutTime": 0.075184,
    "PixelBandwidth": 3906.25,
    "PhaseEncodingDirection": "j",
    "SliceTiming": [
        0,
        3.59034,
        0.112198,
        3.70254,
        0.224396,
        3.81473,
        0.336594,
        3.92693,
        0.448792,
        4.03913,
        0.56099,
        4.15133,
        0.673188,
        4.26353,
        0.785386,
        4.37572,
        0.897584,
        4.48792,
        1.00978,
        4.60012,
        1.12198,
        4.71232,
        1.23418,
        4.82452,
        1.34638,
        4.93671,
        1.45857,
        5.04891,
        1.57077,
        5.16111,
        1.68297,
        5.27331,
        1.79517,
        5.38551,
        1.90737,
        5.49771,
        2.01957,
        5.6099,
        2.13176,
        5.7221,
        2.24396,
        5.8343,
        2.35616,
        5.9465,
        2.46836,
        6.0587,
        2.58056,
        6.17089,
        2.69275,
        6.28309,
        2.80495,
        6.39529,
        2.91715,
        6.50749,
        3.02935,
        6.61969,
        3.14155,
        6.73188,
        3.25374,
        6.84408,
        3.36594,
        6.95628
    ],
    "ImageOrientationPatientDICOM": [
        1,
        0,
        0,
        0,
        1,
        0
    ],
    "InPlanePhaseEncodingDirectionDICOM": "COL",
    "ConversionSoftware": "dcm2niix",
    "ConversionSoftwareVersion": "v1.0.20200331"
}