{
    "Modality": "MR",
    "MagneticFieldStrength": 3,
    "ImagingFrequency": 127.725,
    "Manufacturer": "GE",
    "ManufacturersModelName": "DISCOVERY_MR750",
    "InstitutionName": "NIH_FMRIF",
    "DeviceSerialNumber": "00000000000o2o2o",
    "StationName": "fmrif3tc",
    "PatientPosition": "HFS",
    "ProcedureStepDescription": "MRI_Procedure_Limited",
    "SoftwareVersions": "23_LX_MR_Software_release:DV22.0_V02_1122.a",
    "MRAcquisitionType": "2D",
    "SeriesDescription": "T2_1.7mm_fat_sat",
    "ProtocolName": "T2_1.7mm_fat_sat",
    "ScanningSequence": "SE",
    "SequenceVariant": "SK",
    "ScanOptions": "FAST_GEMS_SAT_GEMS_FS",
    "ImageType": [
        "ORIGINAL",
        "PRIMARY",
        "OTHER"
    ],
    "SeriesNumber": 8,
    "AcquisitionNumber": 1,
    "SliceThickness": 1.7,
    "SpacingBetweenSlices": 1.7,
    "SAR": 3.013,
    "EchoTime": 0.10146,
    "RepetitionTime": 7.5,
    "FlipAngle": 90,
    "CoilString": "32Ch_Head",
    "PercentPhaseFOV": 80,
    "PercentSampling": 100,
    "EchoTrainLength": 16,
    "AcquisitionMatrixPE": 192,
    "ReconMatrixPE": 256,
    "PixelBandwidth": 488.281,
    "PhaseEncodingAxis": "i",
    "SliceTiming": [
        0,
        3.825,
        0.075,
        3.9,
        0.15,
        3.975,
        0.225,
        4.05,
        0.3,
        4.125,
        0.375,
        4.2,
        0.45,
        4.275,
        0.525,
        4.35,
        0.6,
        4.425,
        0.675,
        4.5,
        0.75,
        4.575,
        0.825,
        4.65,
        0.9,
        4.725,
        0.975,
        4.8,
        1.05,
        4.875,
        1.125,
        4.95,
        1.2,
        5.025,
        1.275,
        5.1,
        1.35,
        5.175,
        1.425,
        5.25,
        1.5,
        5.325,
        1.575,
        5.4,
        1.65,
        5.475,
        1.725,
        5.55,
        1.8,
        5.625,
        1.875,
        5.7,
        1.95,
        5.775,
        2.025,
        5.85,
        2.1,
        5.925,
        2.175,
        6,
        2.25,
        6.075,
        2.325,
        6.15,
        2.4,
        6.225,
        2.475,
        6.3,
        2.55,
        6.375,
        2.625,
        6.45,
        2.7,
        6.525,
        2.775,
        6.6,
        2.85,
        6.675,
        2.925,
        6.75,
        3,
        6.825,
        3.075,
        6.9,
        3.15,
        6.975,
        3.225,
        7.05,
        3.3,
        7.125,
        3.375,
        7.2,
        3.45,
        7.275,
        3.525,
        7.35,
        3.6,
        7.425,
        3.675,
        7.5
    ],
    "ImageOrientationPatientDICOM": [
        1,
        0,
        0,
        0,
        1,
        0
    ],
    "InPlanePhaseEncodingDirectionDICOM": "ROW",
    "ConversionSoftware": "dcm2niix",
    "ConversionSoftwareVersion": "v1.0.20200331"
}