{
    "Modality": "MR",
    "MagneticFieldStrength": 3,
    "ImagingFrequency": 127.725,
    "Manufacturer": "GE",
    "ManufacturersModelName": "DISCOVERY_MR750",
    "InstitutionName": "NIH_FMRIF",
    "DeviceSerialNumber": "00000000000o2o2o",
    "StationName": "fmrif3tc",
    "PatientPosition": "HFS",
    "ProcedureStepDescription": "MRI_Procedure_Limited",
    "SoftwareVersions": "23_LX_MR_Software_release:DV22.0_V02_1122.a",
    "MRAcquisitionType": "2D",
    "SeriesDescription": "edti_ssgr_cdif09_G01",
    "ProtocolName": "edti_ssgr_cdif09_G01",
    "ScanningSequence": "EP_RM",
    "SequenceVariant": "NONE",
    "ScanOptions": "SAT_GEMS_EPI_GEMS_ACC_GEMS_PFF_FS",
    "ImageType": [
        "ORIGINAL",
        "PRIMARY",
        "OTHER"
    ],
    "SeriesNumber": 4,
    "AcquisitionNumber": 1,
    "SliceThickness": 2.5,
    "SpacingBetweenSlices": 2.5,
    "SAR": 0.591468,
    "EchoTime": 0.0812,
    "RepetitionTime": 6.88808,
    "FlipAngle": 90,
    "PhaseEncodingPolarityGE": "Flipped",
    "CoilString": "32Ch_Head",
    "PercentPhaseFOV": 100,
    "PercentSampling": 100,
    "AcquisitionMatrixPE": 96,
    "ReconMatrixPE": 128,
    "EffectiveEchoSpacing": 0.000592,
    "TotalReadoutTime": 0.075184,
    "PixelBandwidth": 3906.25,
    "PhaseEncodingDirection": "j",
    "SliceTiming": [
        0,
        3.55514,
        0.111098,
        3.66624,
        0.222196,
        3.77733,
        0.333294,
        3.88843,
        0.444392,
        3.99953,
        0.55549,
        4.11063,
        0.666588,
        4.22173,
        0.777686,
        4.33282,
        0.888785,
        4.44392,
        0.999883,
        4.55502,
        1.11098,
        4.66612,
        1.22208,
        4.77722,
        1.33318,
        4.88831,
        1.44427,
        4.99941,
        1.55537,
        5.11051,
        1.66647,
        5.22161,
        1.77757,
        5.33271,
        1.88867,
        5.44381,
        1.99977,
        5.5549,
        2.11086,
        5.666,
        2.22196,
        5.7771,
        2.33306,
        5.8882,
        2.44416,
        5.9993,
        2.55526,
        6.11039,
        2.66635,
        6.22149,
        2.77745,
        6.33259,
        2.88855,
        6.44369,
        2.99965,
        6.55479,
        3.11075,
        6.66588,
        3.22184,
        6.77698,
        3.33294,
        6.88808
    ],
    "ImageOrientationPatientDICOM": [
        1,
        0,
        0,
        0,
        1,
        0
    ],
    "InPlanePhaseEncodingDirectionDICOM": "COL",
    "ConversionSoftware": "dcm2niix",
    "ConversionSoftwareVersion": "v1.0.20200331"
}