{
    "Modality": "MR",
    "MagneticFieldStrength": 3,
    "ImagingFrequency": 127.725,
    "Manufacturer": "GE",
    "ManufacturersModelName": "DISCOVERY_MR750",
    "InstitutionName": "NIH_FMRIF",
    "DeviceSerialNumber": "00000000000o2o2o",
    "StationName": "fmrif3tc",
    "PatientPosition": "HFS",
    "ProcedureStepDescription": "MRI_Procedure_Limited",
    "SoftwareVersions": "23_LX_MR_Software_release:DV22.0_V02_1122.a",
    "MRAcquisitionType": "2D",
    "SeriesDescription": "edti_ssgr_cdif09_G01",
    "ProtocolName": "edti_ssgr_cdif09_G01",
    "ScanningSequence": "EP_RM",
    "SequenceVariant": "NONE",
    "ScanOptions": "SAT_GEMS_EPI_GEMS_ACC_GEMS_PFF_FS",
    "ImageType": [
        "ORIGINAL",
        "PRIMARY",
        "OTHER"
    ],
    "SeriesNumber": 4,
    "AcquisitionNumber": 1,
    "SliceThickness": 2.5,
    "SpacingBetweenSlices": 2.5,
    "SAR": 0.67418,
    "EchoTime": 0.0798,
    "RepetitionTime": 6.80128,
    "FlipAngle": 90,
    "PhaseEncodingPolarityGE": "Flipped",
    "CoilString": "32Ch_Head",
    "PercentPhaseFOV": 100,
    "PercentSampling": 100,
    "AcquisitionMatrixPE": 96,
    "ReconMatrixPE": 128,
    "EffectiveEchoSpacing": 0.000592,
    "TotalReadoutTime": 0.075184,
    "PixelBandwidth": 3906.25,
    "PhaseEncodingDirection": "j",
    "SliceTiming": [
        0,
        3.51034,
        0.109698,
        3.62004,
        0.219396,
        3.72973,
        0.329094,
        3.83943,
        0.438792,
        3.94913,
        0.54849,
        4.05883,
        0.658188,
        4.16853,
        0.767886,
        4.27822,
        0.877584,
        4.38792,
        0.987283,
        4.49762,
        1.09698,
        4.60732,
        1.20668,
        4.71702,
        1.31638,
        4.82671,
        1.42607,
        4.93641,
        1.53577,
        5.04611,
        1.64547,
        5.15581,
        1.75517,
        5.26551,
        1.86487,
        5.37521,
        1.97457,
        5.4849,
        2.08426,
        5.5946,
        2.19396,
        5.7043,
        2.30366,
        5.814,
        2.41336,
        5.9237,
        2.52306,
        6.03339,
        2.63275,
        6.14309,
        2.74245,
        6.25279,
        2.85215,
        6.36249,
        2.96185,
        6.47219,
        3.07155,
        6.58188,
        3.18124,
        6.69158,
        3.29094,
        6.80128
    ],
    "ImageOrientationPatientDICOM": [
        1,
        0,
        0,
        0,
        1,
        0
    ],
    "InPlanePhaseEncodingDirectionDICOM": "COL",
    "ConversionSoftware": "dcm2niix",
    "ConversionSoftwareVersion": "v1.0.20200331"
}