{
    "Modality": "MR",
    "MagneticFieldStrength": 3,
    "ImagingFrequency": 127.825,
    "Manufacturer": "GE",
    "ManufacturersModelName": "DISCOVERY_MR750",
    "InstitutionName": "NIH_FMRIF",
    "DeviceSerialNumber": "000301496mr3T5mr",
    "StationName": "fmrif3ta",
    "BodyPartExamined": "BRAIN",
    "PatientPosition": "HFS",
    "ProcedureStepDescription": "MRI_Brain",
    "SoftwareVersions": "27_LX_MR_Software_release:DV25.1_R01_1617.b",
    "MRAcquisitionType": "2D",
    "SeriesDescription": "T2_1.7mm_fat_sat",
    "ProtocolName": "T2_1.7mm_fat_sat",
    "ScanningSequence": "SE",
    "SequenceVariant": "SK",
    "ScanOptions": "FAST_GEMS_SAT_GEMS_FS_FSL_GEMS",
    "ImageType": [
        "ORIGINAL",
        "PRIMARY",
        "OTHER"
    ],
    "SeriesNumber": 12,
    "AcquisitionNumber": 1,
    "SliceThickness": 2.5,
    "SpacingBetweenSlices": 2.5,
    "SAR": 1.7581,
    "EchoTime": 0.10074,
    "RepetitionTime": 7.5,
    "FlipAngle": 125,
    "CoilString": "32Ch_Head",
    "PercentPhaseFOV": 100,
    "PercentSampling": 100,
    "EchoTrainLength": 16,
    "AcquisitionMatrixPE": 192,
    "ReconMatrixPE": 256,
    "PixelBandwidth": 488.281,
    "PhaseEncodingAxis": "j",
    "SliceTiming": [
        0,
        3.86719,
        0.117188,
        3.98438,
        0.234375,
        4.10156,
        0.351562,
        4.21875,
        0.46875,
        4.33594,
        0.585938,
        4.45312,
        0.703125,
        4.57031,
        0.820312,
        4.6875,
        0.9375,
        4.80469,
        1.05469,
        4.92188,
        1.17188,
        5.03906,
        1.28906,
        5.15625,
        1.40625,
        5.27344,
        1.52344,
        5.39062,
        1.64062,
        5.50781,
        1.75781,
        5.625,
        1.875,
        5.74219,
        1.99219,
        5.85938,
        2.10938,
        5.97656,
        2.22656,
        6.09375,
        2.34375,
        6.21094,
        2.46094,
        6.32812,
        2.57812,
        6.44531,
        2.69531,
        6.5625,
        2.8125,
        6.67969,
        2.92969,
        6.79688,
        3.04688,
        6.91406,
        3.16406,
        7.03125,
        3.28125,
        7.14844,
        3.39844,
        7.26562,
        3.51562,
        7.38281,
        3.63281,
        7.5
    ],
    "ImageOrientationPatientDICOM": [
        1,
        0,
        0,
        0,
        1,
        0
    ],
    "InPlanePhaseEncodingDirectionDICOM": "COL",
    "ConversionSoftware": "dcm2niix",
    "ConversionSoftwareVersion": "v1.0.20200331"
}